PATH
  remote: .
  specs:
    tag-extractor (0.1.0)

GEM
  remote: http://rubygems.org/
  specs:
    courtier (0.2.0)
      finder
      loaded
    diff-lcs (1.1.3)
    finder (0.3.0)
    loaded (0.0.1)
    rc (0.2.0)
      courtier (= 0.2.0)
    redcarpet (2.1.1)
    rspec (2.11.0)
      rspec-core (~> 2.11.0)
      rspec-expectations (~> 2.11.0)
      rspec-mocks (~> 2.11.0)
    rspec-core (2.11.1)
    rspec-expectations (2.11.2)
      diff-lcs (~> 1.1.3)
    rspec-mocks (2.11.1)
    tomparse (0.2.1)
    yard (0.8.2.1)
    yard-tomdoc (0.5.0)
      rc
      tomparse
      yard

PLATFORMS
  ruby

DEPENDENCIES
  redcarpet
  rspec
  tag-extractor!
  yard
  yard-tomdoc
